GEM
  remote: https://rubygems.org/
  specs:
    addressable (2.5.2)
      public_suffix (>= 2.0.2, < 4.0)
    httparty (0.15.6)
      multi_xml (>= 0.5.2)
    launchy (2.4.3)
      addressable (~> 2.3)
    mini_portile2 (2.3.0)
    multi_xml (0.6.0)
    nokogiri (1.8.1)
      mini_portile2 (~> 2.3.0)
    public_suffix (3.0.2)
    slop (4.6.1)

PLATFORMS
  ruby

DEPENDENCIES
  httparty
  launchy
  nokogiri
  slop (~> 4.6)
  tzinfo-data

BUNDLED WITH
   1.16.0
